PATH
  remote: .
  specs:
    acquia_toolbelt (2.0.0)
      faraday (= 0.8.8)
      highline (= 1.6.19)
      json (= 1.8.0)
      multi_json
      netrc (= 0.7.7)
      rainbow (= 1.1.4)
      sshkey (= 1.6.0)
      thor (= 0.18.1)

GEM
  remote: https://rubygems.org/
  specs:
    addressable (2.3.5)
    crack (0.4.1)
      safe_yaml (~> 0.9.0)
    faraday (0.8.8)
      multipart-post (~> 1.2.0)
    highline (1.6.19)
    json (1.8.0)
    minitest (5.0.8)
    multi_json (1.8.2)
    multipart-post (1.2.0)
    netrc (0.7.7)
    rainbow (1.1.4)
    rake (10.1.0)
    safe_yaml (0.9.7)
    sshkey (1.6.0)
    thor (0.18.1)
    vcr (2.7.0)
    webmock (1.15.2)
      addressable (>= 2.2.7)
      crack (>= 0.3.2)

PLATFORMS
  ruby

DEPENDENCIES
  acquia_toolbelt!
  bundler (~> 1.3)
  minitest
  rake
  vcr
  webmock
