PATH
  remote: .
  specs:
    acquia_toolbelt (2.0.1)
      faraday (= 0.8.8)
      highline (= 1.6.19)
      json (= 1.8.0)
      multi_json (= 1.8.2)
      netrc (= 0.7.7)
      rainbow (= 1.1.4)
      sshkey (= 1.6.0)
      thor (= 0.18.1)

GEM
  remote: https://rubygems.org/
  specs:
    addressable (2.3.5)
    celluloid (0.15.2)
      timers (~> 1.1.0)
    coderay (1.1.0)
    crack (0.4.1)
      safe_yaml (~> 0.9.0)
    diff-lcs (1.2.4)
    faraday (0.8.8)
      multipart-post (~> 1.2.0)
    ffi (1.9.3)
    formatador (0.2.4)
    guard (2.2.3)
      formatador (>= 0.2.4)
      listen (~> 2.1)
      lumberjack (~> 1.0)
      pry (>= 0.9.12)
      thor (>= 0.18.1)
    guard-rspec (4.0.4)
      guard (>= 2.1.1)
      rspec (~> 2.14)
    highline (1.6.19)
    json (1.8.0)
    listen (2.2.0)
      celluloid (>= 0.15.2)
      rb-fsevent (>= 0.9.3)
      rb-inotify (>= 0.9)
    lumberjack (1.0.4)
    method_source (0.8.2)
    multi_json (1.8.2)
    multipart-post (1.2.0)
    netrc (0.7.7)
    pry (0.9.12.3)
      coderay (~> 1.0)
      method_source (~> 0.8)
      slop (~> 3.4)
    rainbow (1.1.4)
    rake (10.1.0)
    rb-fsevent (0.9.3)
    rb-inotify (0.9.2)
      ffi (>= 0.5.0)
    rspec (2.14.1)
      rspec-core (~> 2.14.0)
      rspec-expectations (~> 2.14.0)
      rspec-mocks (~> 2.14.0)
    rspec-core (2.14.7)
    rspec-expectations (2.14.4)
      diff-lcs (>= 1.1.3, < 2.0)
    rspec-mocks (2.14.4)
    safe_yaml (0.9.7)
    slop (3.4.6)
    sshkey (1.6.0)
    thor (0.18.1)
    timers (1.1.0)
    vcr (2.7.0)
    webmock (1.15.2)
      addressable (>= 2.2.7)
      crack (>= 0.3.2)

PLATFORMS
  ruby

DEPENDENCIES
  acquia_toolbelt!
  bundler (~> 1.3)
  guard-rspec
  rake (= 10.1.0)
  rspec (= 2.14.1)
  vcr (= 2.7.0)
  webmock (= 1.15.2)
